PATH
  remote: .
  specs:
    ratis (3.3.0)
      savon (< 2.0)

GEM
  remote: http://rubygems.org/
  specs:
    activesupport (3.2.13)
      i18n (= 0.6.1)
      multi_json (~> 1.0)
    addressable (2.3.5)
    akami (1.2.0)
      gyoku (>= 0.4.0)
      nokogiri (>= 1.4.0)
    builder (3.2.2)
    chronic (0.9.1)
    columnize (0.3.6)
    crack (0.4.0)
      safe_yaml (~> 0.9.0)
    diff-lcs (1.2.4)
    gyoku (0.4.6)
      builder (>= 2.1.2)
    hashdiff (0.0.6)
    httpi (1.1.1)
      rack
    i18n (0.6.1)
    linecache (0.46)
      rbx-require-relative (> 0.0.4)
    multi_json (1.7.7)
    nokogiri (1.5.10)
    nori (1.1.5)
    rack (1.5.2)
    rake (10.1.0)
    rbx-require-relative (0.0.9)
    redcarpet (2.1.1)
    rspec (2.13.0)
      rspec-core (~> 2.13.0)
      rspec-expectations (~> 2.13.0)
      rspec-mocks (~> 2.13.0)
    rspec-core (2.13.1)
    rspec-expectations (2.13.0)
      diff-lcs (>= 1.1.3, < 2.0)
    rspec-instafail (0.2.4)
    rspec-mocks (2.13.1)
    ruby-debug (0.10.4)
      columnize (>= 0.1)
      ruby-debug-base (~> 0.10.4.0)
    ruby-debug-base (0.10.4)
      linecache (>= 0.3)
    safe_yaml (0.9.4)
    savon (1.2.0)
      akami (~> 1.2.0)
      builder (>= 2.1.2)
      gyoku (~> 0.4.5)
      httpi (~> 1.1.0)
      nokogiri (>= 1.4.0)
      nori (~> 1.1.0)
      wasabi (~> 2.5.0)
    vcr (2.5.0)
    wasabi (2.5.1)
      httpi (~> 1.0)
      nokogiri (>= 1.4.0)
    webmock (1.13.0)
      addressable (>= 2.2.7)
      crack (>= 0.3.2)
    yard (0.8.6.2)

PLATFORMS
  ruby

DEPENDENCIES
  activesupport (< 4.0)
  bundler (>= 1.0.0)
  chronic
  hashdiff
  nokogiri (< 1.6.0)
  rake
  ratis!
  redcarpet (~> 2.1.1)
  rspec (~> 2.13.0)
  rspec-instafail
  ruby-debug
  vcr
  webmock
  yard
